GEM
  remote: https://rubygems.org/
  specs:
    bson (1.10.0)
    bson_ext (1.10.0)
      bson (~> 1.10.0)
    mongo (1.10.0)
      bson (~> 1.10.0)
    rack (1.5.2)
    sinatra (1.1.0)
      rack (~> 1.1)
      tilt (~> 1.1)
    tilt (1.4.1)

PLATFORMS
  ruby

DEPENDENCIES
  bson_ext
  mongo
  sinatra (= 1.1.0)
